GEM
  remote: https://rubygems.org/
  specs:
    backports (2.6.4)
    benchmark-ips (1.2.0)
    ffi (1.0.11-java)
    hitimes (1.1.1-java)
    jbundler (0.3.0)
      ruby-maven (= 3.0.4.0.29.0)
    maven-tools (0.29.3)
    path (1.3.1)
    perfer (0.1.1)
      backports (~> 2.6.3)
      ffi (~> 1.0.11)
      hitimes (~> 1.1.1)
      path (~> 1.3.1)
    ruby-maven (3.0.4.0.29.0)
      maven-tools (~> 0.29.1)
      thor (~> 0.14.6)
    thor (0.14.6)

PLATFORMS
  java

DEPENDENCIES
  benchmark-ips
  jbundler
  perfer
