GEM
  remote: https://rubygems.org/
  specs:
    benchmark-ips (1.2.0)
    jbundler (0.3.0)
      ruby-maven (= 3.0.4.0.29.0)
    maven-tools (0.29.3)
    ruby-maven (3.0.4.0.29.0)
      maven-tools (~> 0.29.1)
      thor (~> 0.14.6)
    thor (0.14.6)

PLATFORMS
  java

DEPENDENCIES
  benchmark-ips
  jbundler
