PATH
  remote: .
  specs:
    doubleshot (0.1.0)
      bundler
      jbundler

GEM
  remote: https://rubygems.org/
  specs:
    backports (2.6.4)
    ffi (1.0.11-java)
    hitimes (1.1.1-java)
    jbundler (0.3.0)
      ruby-maven (= 3.0.4.0.29.0)
    json (1.7.5-java)
    listen (0.5.0)
    maven-tools (0.29.3)
    minitest (3.4.0)
    minitest-wscolor (0.0.3)
      minitest (>= 2.3.1)
    multi_json (1.3.6)
    path (1.3.1)
    perfer (0.2.0)
      backports (~> 2.6.3)
      ffi (~> 1.0.11)
      hitimes (~> 1.1.1)
      path (~> 1.3.1)
    rb-fsevent (0.9.1)
    rdoc (3.12)
      json (~> 1.4)
    ruby-maven (3.0.4.0.29.0)
      maven-tools (~> 0.29.1)
      thor (~> 0.14.6)
    simplecov (0.6.4)
      multi_json (~> 1.0)
      simplecov-html (~> 0.5.3)
    simplecov-html (0.5.3)
    thor (0.14.6)

PLATFORMS
  java

DEPENDENCIES
  doubleshot!
  listen
  minitest (>= 3.0.1)
  minitest-wscolor
  perfer
  rb-fsevent (~> 0.9.1)
  rdoc (>= 2.4.2)
  simplecov
